GIT
  remote: git://github.com/mirah/pindah
  revision: 8474cb411cecc88846bd464ecf10224f8066ecd2
  specs:
    pindah (0.1.3.dev)
      mirah (>= 0.0.10.dev)

GEM
  remote: http://rubygems.org/
  specs:
    bitescript (0.1.0)
    mirah (0.0.10-java)
      bitescript (>= 0.0.8)
    rake (0.9.2.2)

PLATFORMS
  java

DEPENDENCIES
  pindah!
  rake
